GEM
  remote: https://rubygems.org/
  specs:
    activemodel (6.1.7.7)
      activesupport (= 6.1.7.7)
    activerecord (6.1.7.7)
      activemodel (= 6.1.7.7)
      activesupport (= 6.1.7.7)
    activesupport (6.1.7.7)
      concurrent-ruby (~> 1.0, >= 1.0.2)
      i18n (>= 1.6, < 2)
      minitest (>= 5.1)
      tzinfo (~> 2.0)
      zeitwerk (~> 2.3)
    base64 (0.2.0)
    bcrypt (3.1.20)
    concurrent-ruby (1.2.3)
    connection_pool (2.5.0)
    dotenv (2.8.1)
    hkdf (0.3.0)
    htmlbeautifier (1.4.3)
    i18n (1.14.5)
      concurrent-ruby (~> 1.0)
    jwt (2.10.1)
      base64
    logger (1.6.6)
    minitest (5.23.1)
    multi_json (1.15.0)
    mustermann (2.0.2)
      ruby2_keywords (~> 0.0.1)
    pg (1.5.6)
    rack (2.2.9)
    rack-protection (2.2.4)
      rack
    rake (13.2.1)
    redis-client (0.24.0)
      connection_pool
    ruby2_keywords (0.0.5)
    sidekiq (7.3.9)
      base64
      connection_pool (>= 2.3.0)
      logger
      rack (>= 2.2.4)
      redis-client (>= 0.22.2)
    sinatra (2.2.4)
      mustermann (~> 2.0)
      rack (~> 2.2)
      rack-protection (= 2.2.4)
      tilt (~> 2.0)
    sinatra-activerecord (2.0.27)
      activerecord (>= 4.1)
      sinatra (>= 1.0)
    sinatra-contrib (2.2.4)
      multi_json
      mustermann (~> 2.0)
      rack-protection (= 2.2.4)
      sinatra (= 2.2.4)
      tilt (~> 2.0)
    tilt (2.3.0)
    tzinfo (2.0.6)
      concurrent-ruby (~> 1.0)
    webpush (1.1.0)
      hkdf (~> 0.2)
      jwt (~> 2.0)
    webrick (1.8.1)
    zeitwerk (2.6.15)

PLATFORMS
  arm64-darwin-23
  ruby

DEPENDENCIES
  activerecord (~> 6.1)
  bcrypt (~> 3.1)
  dotenv (~> 2.7)
  htmlbeautifier
  pg (~> 1.2)
  rake (~> 13.0)
  sidekiq
  sinatra (~> 2.1)
  sinatra-activerecord (~> 2.0)
  sinatra-contrib (~> 2.1)
  webpush (~> 1.1)
  webrick (~> 1.7)

RUBY VERSION
   ruby 3.0.0p0

BUNDLED WITH
   2.5.10
